GEM
  remote: https://rubygems.org/
  specs:
    addressable (2.3.8)
    aws-sdk (1.51.0)
      json (~> 1.4)
      nokogiri (>= 1.4.4)
    coderay (1.1.0)
    colorize (0.7.3)
    curb (0.8.6)
    daemons (1.1.9)
    dalli (2.7.2)
    eventmachine (1.0.3)
    faraday (0.9.1)
      multipart-post (>= 1.2, < 3)
    fortune_gem (0.0.8)
    json (1.8.1)
    kenji (1.1.2)
      json
      rack (~> 1.5.2)
    konfiguration (1.0)
    mailgun-ruby (1.0.3)
      json (~> 1.8)
      rest-client (~> 1.6)
    method_source (0.8.2)
    mime-types (2.4.3)
    mini_portile (0.6.1)
    multipart-post (2.0.0)
    netrc (0.8.0)
    nokogiri (1.6.4.1)
      mini_portile (~> 0.6.0)
    octokit (4.0.1)
      sawyer (~> 0.6.0, >= 0.5.3)
    pg (0.17.1)
    pry (0.9.12.6)
      coderay (~> 1.0)
      method_source (~> 0.8)
      slop (~> 3.4)
    pusher-client (0.6.0)
      json
      websocket (~> 1.0)
    rack (1.5.2)
    rack-cors (0.2.9)
    rack-json-logs (1.1)
      colorize
      json
      trollop
    rest-client (1.7.2)
      mime-types (>= 1.16, < 3.0)
      netrc (~> 0.7)
    rubyflake (0.1.1)
    sawyer (0.6.0)
      addressable (~> 2.3.5)
      faraday (~> 0.8, < 0.10)
    sequel (4.10.0)
    simple-password-gen (0.1.5)
    slop (3.6.0)
    thin (1.6.3)
      daemons (~> 1.0, >= 1.0.9)
      eventmachine (~> 1.0)
      rack (~> 1.0)
    trollop (2.0)
    validate (1.3.3)
    websocket (1.2.1)

PLATFORMS
  ruby

DEPENDENCIES
  aws-sdk (~> 1.51.0)
  curb (~> 0.8.6)
  dalli (~> 2.7.2)
  fortune_gem (~> 0.0.8)
  kenji (~> 1.1.2)
  konfiguration (~> 1.0)
  mailgun-ruby (~> 1.0.2)
  octokit (~> 4.0.1)
  pg (~> 0.17.1)
  pry (~> 0.9.12.6)
  pusher-client (~> 0.6.0)
  rack (~> 1.5.2)
  rack-cors (~> 0.2.9)
  rack-json-logs
  rubyflake (~> 0.1.0)
  sequel (~> 4.10.0)
  simple-password-gen (~> 0.1.5)
  thin (~> 1.6.2)
  validate (~> 1.3.3)
