GEM
  remote: https://rubygems.org/
  specs:
    coderay (1.1.0)
    curb (0.8.5)
    daemons (1.1.9)
    dalli (2.7.2)
    eventmachine (1.0.3)
    json (1.8.1)
    kenji (1.1.1)
      json
      rack (~> 1.5.2)
    konfiguration (1.0)
    mail (2.5.4)
      mime-types (~> 1.16)
      treetop (~> 1.4.8)
    method_source (0.8.2)
    mime-types (1.25.1)
    pg (0.17.1)
    polyglot (0.3.4)
    posix-spawn (0.3.8)
    pry (0.9.12.6)
      coderay (~> 1.0)
      method_source (~> 0.8)
      slop (~> 3.4)
    pusher-client (0.6.0)
      json
      websocket (~> 1.0)
    pygments.rb (0.5.4)
      posix-spawn (~> 0.3.6)
      yajl-ruby (~> 1.1.0)
    rack (1.5.2)
    rack-cors (0.2.9)
    redcarpet (3.1.2)
    rubyflake (0.1.0)
    sequel (4.10.0)
    slop (3.5.0)
    sqlite3 (1.3.9)
    thin (1.5.1)
      daemons (>= 1.0.9)
      eventmachine (>= 0.12.6)
      rack (>= 1.0.0)
    treetop (1.4.15)
      polyglot
      polyglot (>= 0.3.1)
    validate (1.3.3)
    websocket (1.1.4)
    websocket-native (1.0.0)
    yajl-ruby (1.1.0)

PLATFORMS
  ruby

DEPENDENCIES
  curb
  dalli
  kenji
  konfiguration
  mail
  pg
  pry
  pusher-client
  pygments.rb
  rack
  rack-cors
  redcarpet
  rubyflake
  sequel
  sqlite3
  thin
  validate
  websocket-native
