GEM
  remote: https://rubygems.org/
  specs:
    coderay (1.1.0)
    daemons (1.1.9)
    dalli (2.7.2)
    eventmachine (1.0.3)
    json (1.8.1)
    kenji (1.1.2)
      json
      rack (~> 1.5.2)
    konfiguration (1.0)
    method_source (0.8.2)
    pg (0.17.1)
    pry (0.9.12.6)
      coderay (~> 1.0)
      method_source (~> 0.8)
      slop (~> 3.4)
    pusher-client (0.6.0)
      json
      websocket (~> 1.0)
    rack (1.5.2)
    rack-cors (0.2.9)
    rack-ssl (1.4.1)
      rack
    rubyflake (0.1.0)
    sequel (4.10.0)
    slop (3.5.0)
    thin (1.5.1)
      daemons (>= 1.0.9)
      eventmachine (>= 0.12.6)
      rack (>= 1.0.0)
    validate (1.3.3)
    websocket (1.1.4)

PLATFORMS
  ruby

DEPENDENCIES
  dalli (~> 2.7.2)
  kenji (~> 1.1.2)
  konfiguration (~> 1.0)
  pg (~> 0.17.1)
  pry (~> 0.9.12.6)
  pusher-client (~> 0.6.0)
  rack (~> 1.5.2)
  rack-cors (~> 0.2.9)
  rack-ssl (~> 1.4.1)
  rubyflake (~> 0.1.0)
  sequel (~> 4.10.0)
  thin (~> 1.5.1)
  validate (~> 1.3.3)
